GEM
  remote: http://rubygems.org/
  specs:
    activemodel (3.2.11)
      activesupport (= 3.2.11)
      builder (~> 3.0.0)
    activesupport (3.2.11)
      i18n (~> 0.6)
      multi_json (~> 1.0)
    builder (3.0.4)
    hashr (0.0.22)
    i18n (0.6.1)
    json (1.7.6)
    mime-types (1.19)
    multi_json (1.5.0)
    rake (10.0.3)
    rest-client (1.6.7)
      mime-types (>= 1.16)
    tire (0.5.4)
      activemodel (>= 3.0)
      hashr (~> 0.0.19)
      multi_json (~> 1.3)
      rake
      rest-client (~> 1.6)

PLATFORMS
  ruby

DEPENDENCIES
  activemodel
  activesupport
  builder
  hashr
  i18n
  json
  mime-types
  multi_json
  rake
  rest-client
  tire
