GEM
  remote: http://rubygems.org/
  specs:
    activemodel (3.2.14)
      activesupport (= 3.2.14)
      builder (~> 3.0.0)
    activesupport (3.2.14)
      i18n (~> 0.6, >= 0.6.4)
      multi_json (~> 1.0)
    ansi (1.4.3)
    builder (3.0.4)
    hashr (0.0.22)
    i18n (0.6.5)
    json (1.8.0)
    mime-types (1.23)
    multi_json (1.7.9)
    rake (10.1.0)
    rest-client (1.6.7)
      mime-types (>= 1.16)
    tire (0.6.0)
      activemodel (>= 3.0)
      activesupport
      ansi
      hashr (~> 0.0.19)
      multi_json (~> 1.3)
      rake
      rest-client (~> 1.6)

PLATFORMS
  ruby

DEPENDENCIES
  activemodel (= 3.2.14)
  activesupport
  builder
  hashr
  i18n
  json
  mime-types
  multi_json
  rake
  rest-client
  tire
